GEM
  remote: http://rubygems.org/
  specs:
    activesupport (3.2.13)
      i18n (= 0.6.1)
      multi_json (~> 1.0)
    celluloid (0.13.0)
      timers (>= 1.0.0)
    celluloid-io (0.13.1)
      celluloid (>= 0.13.0)
      nio4r (>= 0.4.0)
    certified (0.1.1)
    eye (0.1.10)
      activesupport (~> 3.2)
      celluloid (~> 0.12)
      celluloid-io (~> 0.12)
      state_machine
      thor
    http (0.4.0)
      certified
      http_parser.rb
    http_parser.rb (0.5.3)
    i18n (0.6.1)
    json (1.7.7)
    multi_json (1.7.2)
    nio4r (0.4.3)
    rack (1.5.2)
    reel (0.3.0)
      celluloid-io (>= 0.8.0)
      http (>= 0.2.0)
      http_parser.rb (>= 0.5.3)
      rack (>= 1.4.0)
      websocket_parser (>= 0.1.0)
    state_machine (1.2.0)
    thor (0.18.1)
    timers (1.1.0)
    websocket_parser (0.1.2)
      http

PLATFORMS
  ruby

DEPENDENCIES
  eye
  json
  reel
